GEM
  remote: http://www.rubygems.org/
  specs:
    bcrypt-ruby (3.0.1)
    coderay (1.0.9)
    dotenv (0.7.0)
    foreman (0.63.0)
      dotenv (>= 0.7)
      thor (>= 0.13.6)
    kgio (2.8.0)
    method_source (0.8.1)
    pg (0.15.1)
    pry (0.9.12.1)
      coderay (~> 1.0.5)
      method_source (~> 0.8)
      slop (~> 3.4)
    rack (1.5.2)
    rack-protection (1.5.0)
      rack
    raindrops (0.11.0)
    rake (0.9.6)
    sass (3.2.8)
    sequel (3.47.0)
    sequel_pg (1.6.5)
      pg (>= 0.8.0)
      sequel (>= 3.39.0)
    shotgun (0.9)
      rack (>= 1.0)
    sinatra (1.4.2)
      rack (~> 1.5, >= 1.5.2)
      rack-protection (~> 1.4)
      tilt (~> 1.3, >= 1.3.4)
    sinatra-flash (0.3.0)
      sinatra (>= 1.0.0)
    slim (1.0.1)
      temple (~> 0.3.0)
      tilt (~> 1.2)
    slop (3.4.4)
    temple (0.3.5)
    thor (0.18.1)
    tilt (1.4.0)
    unicorn (4.6.2)
      kgio (~> 2.6)
      rack
      raindrops (~> 0.7)

PLATFORMS
  ruby

DEPENDENCIES
  bcrypt-ruby
  dotenv
  foreman
  pg
  pry
  rake
  sass
  sequel
  sequel_pg
  shotgun
  sinatra
  sinatra-flash
  slim
  unicorn
